GEM
  remote: https://rubygems.org/
  specs:
    addressable (2.3.8)
    contracts (0.11.0)
    faraday (0.9.1)
      multipart-post (>= 1.2, < 3)
    kanban (0.8.0)
      contracts
      redis
    multi_json (1.11.2)
    multipart-post (2.0.0)
    octokit (4.0.1)
      sawyer (~> 0.6.0, >= 0.5.3)
    redis (3.2.1)
    sawyer (0.6.0)
      addressable (~> 2.3.5)
      faraday (~> 0.8, < 0.10)

PLATFORMS
  ruby

DEPENDENCIES
  contracts
  kanban
  multi_json
  octokit

BUNDLED WITH
   1.10.3
