GEM
  remote: https://rubygems.org/
  specs:
    addressable (2.3.8)
    contracts (0.10.1)
    ethon (0.7.4)
      ffi (>= 1.3.0)
    faraday (0.9.1)
      multipart-post (>= 1.2, < 3)
    fast_secure_compare (1.0.1)
    ffi (1.9.10)
    json (1.8.3)
    multipart-post (2.0.0)
    octokit (4.0.1)
      sawyer (~> 0.6.0, >= 0.5.3)
    rack (1.6.4)
    rack-protection (1.5.3)
      rack
    rugged (0.22.2)
    sawyer (0.6.0)
      addressable (~> 2.3.5)
      faraday (~> 0.8, < 0.10)
    sinatra (1.4.6)
      rack (~> 1.4)
      rack-protection (~> 1.4)
      tilt (>= 1.3, < 3)
    tilt (2.0.1)
    typhoeus (0.7.2)
      ethon (>= 0.7.4)

PLATFORMS
  ruby

DEPENDENCIES
  contracts
  fast_secure_compare
  json
  octokit
  rugged
  sinatra
  typhoeus

BUNDLED WITH
   1.10.5
