GEM
  remote: https://rubygems.org/
  specs:
    contracts (0.9)
    ethon (0.7.4)
      ffi (>= 1.3.0)
    fast_secure_compare (1.0.1)
    ffi (1.9.9)
    json (1.8.3)
    rack (1.6.1)
    rack-protection (1.5.3)
      rack
    rugged (0.22.2)
    sinatra (1.4.6)
      rack (~> 1.4)
      rack-protection (~> 1.4)
      tilt (>= 1.3, < 3)
    tilt (2.0.1)
    typhoeus (0.7.2)
      ethon (>= 0.7.4)

PLATFORMS
  ruby

DEPENDENCIES
  contracts
  fast_secure_compare
  json
  rugged
  sinatra
  typhoeus

BUNDLED WITH
   1.10.5
