GEM
  remote: https://rubygems.org/
  specs:
    addressable (2.3.8)
    as-notifications (1.0.1)
    celluloid (0.16.0)
      timers (~> 4.0.0)
    celluloid-io (0.16.2)
      celluloid (>= 0.16.0)
      nio4r (>= 1.1.0)
    contracts (0.11.0)
    diff-lcs (1.2.5)
    domain_name (0.5.24)
      unf (>= 0.0.5, < 1.0.0)
    ethon (0.7.4)
      ffi (>= 1.3.0)
    faraday (0.9.1)
      multipart-post (>= 1.2, < 3)
    fast_secure_compare (1.0.1)
    ffi (1.9.10)
    hitimes (1.2.2)
    http (0.9.6)
      addressable (~> 2.3)
      http-cookie (~> 1.0)
      http-form_data (~> 1.0.1)
      http_parser.rb (~> 0.6.0)
    http-cookie (1.0.2)
      domain_name (~> 0.5)
    http-form_data (1.0.1)
    http_parser.rb (0.6.0)
    i18n (0.7.0)
    json-schema (2.5.1)
      addressable (~> 2.3.7)
    kanban (0.8.0)
      contracts
      redis
    multi_json (1.11.2)
    multipart-post (2.0.0)
    nio4r (1.1.1)
    octokit (4.1.0)
      sawyer (~> 0.6.0, >= 0.5.3)
    rack (1.6.4)
    rakuna (1.0.0)
      rakuna-authentication-github (~> 1.0)
      rakuna-content-json (~> 1.0)
      rakuna-content-signature (~> 1.0)
      rakuna-core (~> 1.0)
      rakuna-data-redis (~> 1.0)
      rakuna-integration-github (~> 1.0)
      rakuna-session-redis (~> 1.0)
      rakuna-validation-json (~> 1.0)
    rakuna-authentication-github (1.0.0)
      rakuna-core (~> 1.0)
      rakuna-integration-github (~> 1.0)
    rakuna-content-json (1.0.0)
      multi_json (~> 1.11)
      rakuna-core (~> 1.0)
    rakuna-content-signature (1.0.0)
      fast_secure_compare (~> 1.0)
      rakuna-core (~> 1.0)
      secure_compare (~> 0.0)
    rakuna-core (1.0.0)
      contracts (~> 0.11)
      webmachine (~> 1.4)
    rakuna-data-redis (1.0.0)
      rakuna-core (~> 1.0)
      redis (~> 3.2)
    rakuna-integration-github (1.0.0)
      octokit (~> 4.1)
      rakuna-core (~> 1.0)
    rakuna-session-redis (1.0.1)
      rakuna-core (~> 1.0)
      rakuna-data-redis (~> 1.0)
    rakuna-validation-json (1.0.0)
      json-schema (~> 2.5)
      rakuna-content-json (~> 1.0)
      rakuna-core (~> 1.0)
    redis (3.2.1)
    reel (0.5.0)
      celluloid (>= 0.15.1)
      celluloid-io (>= 0.15.0)
      http (>= 0.6.0.pre)
      http_parser.rb (>= 0.6.0)
      websocket_parser (>= 0.1.6)
    rspec (3.3.0)
      rspec-core (~> 3.3.0)
      rspec-expectations (~> 3.3.0)
      rspec-mocks (~> 3.3.0)
    rspec-core (3.3.2)
      rspec-support (~> 3.3.0)
    rspec-expectations (3.3.1)
      diff-lcs (>= 1.2.0, < 2.0)
      rspec-support (~> 3.3.0)
    rspec-mocks (3.3.2)
      diff-lcs (>= 1.2.0, < 2.0)
      rspec-support (~> 3.3.0)
    rspec-support (3.3.0)
    sawyer (0.6.0)
      addressable (~> 2.3.5)
      faraday (~> 0.8, < 0.10)
    secure_compare (0.0.1)
    timers (4.0.4)
      hitimes
    typhoeus (0.7.3)
      ethon (>= 0.7.4)
    unf (0.1.4)
      unf_ext
    unf_ext (0.0.7.1)
    webmachine (1.4.0)
      as-notifications (~> 1.0)
      i18n (>= 0.4.0)
      multi_json
    websocket_parser (1.0.0)

PLATFORMS
  ruby

DEPENDENCIES
  celluloid (~> 0.16.0)
  contracts
  kanban
  rack
  rakuna (~> 1.0)
  reel
  rspec
  typhoeus

BUNDLED WITH
   1.10.6
