GEM
  remote: https://rubygems.org/
  specs:
    addressable (2.3.8)
    contracts (0.11.0)
    diff-lcs (1.2.5)
    faraday (0.9.1)
      multipart-post (>= 1.2, < 3)
    kanban (0.8.0)
      contracts
      redis
    multi_json (1.11.2)
    multipart-post (2.0.0)
    octokit (4.1.0)
      sawyer (~> 0.6.0, >= 0.5.3)
    redis (3.2.1)
    rspec (3.3.0)
      rspec-core (~> 3.3.0)
      rspec-expectations (~> 3.3.0)
      rspec-mocks (~> 3.3.0)
    rspec-core (3.3.2)
      rspec-support (~> 3.3.0)
    rspec-expectations (3.3.1)
      diff-lcs (>= 1.2.0, < 2.0)
      rspec-support (~> 3.3.0)
    rspec-mocks (3.3.2)
      diff-lcs (>= 1.2.0, < 2.0)
      rspec-support (~> 3.3.0)
    rspec-support (3.3.0)
    sawyer (0.6.0)
      addressable (~> 2.3.5)
      faraday (~> 0.8, < 0.10)

PLATFORMS
  ruby

DEPENDENCIES
  contracts
  kanban
  multi_json
  octokit
  rspec

BUNDLED WITH
   1.10.6
